GIT
  remote: https://github.com/Hobo/hobo_paperclip.git
  revision: abb4e77b849e78be9f1594b7304b71dc5a76157d
  branch: master
  specs:
    hobo_paperclip (0.0.4)
      hobo
      paperclip

GIT
  remote: https://github.com/iox/hobo-serenity.git
  revision: d13dc3e4de1547902df23b23fd24368a760a05d5
  specs:
    hobo-serenity (1.0)
      rubyzip (= 0.9.9)
      serenity-odt (>= 0.2.1)

GIT
  remote: https://github.com/kremso/serenity.git
  revision: a3aaf4ada2450ee936cc650416b8af953bb6934a
  specs:
    serenity-odt (0.2.2)
      nokogiri (>= 1.0)
      rubyzip (>= 0.9.1)

GIT
  remote: https://github.com/suyccom/hobo-metasearch
  revision: 2ee3c30eaabf8140801efae8cadb3f431405b42e
  specs:
    hobo-metasearch (0.1)
      ransack

GEM
  remote: https://rubygems.org/
  specs:
    actionmailer (4.2.9)
      actionpack (= 4.2.9)
      actionview (= 4.2.9)
      activejob (= 4.2.9)
      mail (~> 2.5, >= 2.5.4)
      rails-dom-testing (~> 1.0, >= 1.0.5)
    actionpack (4.2.9)
      actionview (= 4.2.9)
      activesupport (= 4.2.9)
      rack (~> 1.6)
      rack-test (~> 0.6.2)
      rails-dom-testing (~> 1.0, >= 1.0.5)
      rails-html-sanitizer (~> 1.0, >= 1.0.2)
    actionview (4.2.9)
      activesupport (= 4.2.9)
      builder (~> 3.1)
      erubis (~> 2.7.0)
      rails-dom-testing (~> 1.0, >= 1.0.5)
      rails-html-sanitizer (~> 1.0, >= 1.0.3)
    activejob (4.2.9)
      activesupport (= 4.2.9)
      globalid (>= 0.3.0)
    activemodel (4.2.9)
      activesupport (= 4.2.9)
      builder (~> 3.1)
    activerecord (4.2.9)
      activemodel (= 4.2.9)
      activesupport (= 4.2.9)
      arel (~> 6.0)
    activesupport (4.2.9)
      i18n (~> 0.7)
      minitest (~> 5.1)
      thread_safe (~> 0.3, >= 0.3.4)
      tzinfo (~> 1.1)
    addressable (2.5.2)
      public_suffix (>= 2.0.2, < 4.0)
    arel (6.0.4)
    awesome_print (1.8.0)
    better_errors (2.4.0)
      coderay (>= 1.0.0)
      erubi (>= 1.0.0)
      rack (>= 0.9.0)
    binding_of_caller (0.7.3)
      debug_inspector (>= 0.0.1)
    bootstrap-datepicker-rails (1.7.1.1)
      railties (>= 3.0)
    bootstrap-sass (2.3.2.2)
      sass (~> 3.2)
    builder (3.2.3)
    capybara (2.17.0)
      addressable
      mini_mime (>= 0.1.3)
      nokogiri (>= 1.3.3)
      rack (>= 1.0.0)
      rack-test (>= 0.5.4)
      xpath (>= 2.0, < 4.0)
    capybara-screenshot (1.0.18)
      capybara (>= 1.0, < 3)
      launchy
    capybara-webkit (1.1.0)
      capybara (~> 2.0, >= 2.0.2)
      json
    chronic (0.10.2)
    climate_control (0.2.0)
    cliver (0.3.2)
    cocaine (0.5.8)
      climate_control (>= 0.0.3, < 1.0)
    coderay (1.1.2)
    coffee-rails (4.1.1)
      coffee-script (>= 2.2.0)
      railties (>= 4.0.0, < 5.1.x)
    coffee-script (2.4.1)
      coffee-script-source
      execjs
    coffee-script-source (1.12.2)
    concurrent-ruby (1.0.5)
    crass (1.0.3)
    daemons (1.2.6)
    debug_inspector (0.0.3)
    diff-lcs (1.3)
    dryml (2.2.6)
      actionpack
      hobo_support (= 2.2.6)
    erubi (1.7.0)
    erubis (2.7.0)
    eventmachine (1.2.5)
    execjs (2.7.0)
    faker (1.6.1)
      i18n (~> 0.5)
    ffi (1.9.18)
    globalid (0.4.1)
      activesupport (>= 4.2.0)
    headless (2.2.2)
    hobo (2.2.6)
      dryml (= 2.2.6)
      hobo_fields (= 2.2.6)
      hobo_support (= 2.2.6)
      hobo_will_paginate
    hobo_bootstrap (2.2.6)
      bootstrap-sass (~> 2.1)
      hobo_jquery (>= 2.0)
      hobo_will_paginate-bootstrap
    hobo_bootstrap_ui (2.2.6)
      bootstrap-datepicker-rails
      hobo_bootstrap (>= 2.0)
    hobo_clean (2.2.6)
      hobo (= 2.2.6)
      hobo_jquery (= 2.2.6)
    hobo_clean_admin (2.2.6)
      hobo_clean (= 2.2.6)
    hobo_fields (2.2.6)
      hobo_support (= 2.2.6)
    hobo_jquery (2.2.6)
      hobo_rapid (= 2.2.6)
      jquery-rails (~> 2.0)
    hobo_jquery_ui (2.2.6)
      hobo (= 2.2.6)
      hobo_jquery (= 2.2.6)
      jquery-ui-themes (~> 0.0.4)
    hobo_rapid (2.2.6)
      hobo (= 2.2.6)
    hobo_support (2.2.6)
      rails (~> 4.2.6)
    hobo_will_paginate (2.1.1)
    hobo_will_paginate-bootstrap (1.0.0)
      hobo_will_paginate
    httparty (0.15.6)
      multi_xml (>= 0.5.2)
    i18n (0.9.1)
      concurrent-ruby (~> 1.0)
    jbuilder (2.7.0)
      activesupport (>= 4.2.0)
      multi_json (>= 1.2)
    jquery-rails (2.3.0)
      railties (>= 3.0, < 5.0)
      thor (>= 0.14, < 2.0)
    jquery-ui-themes (0.0.12)
      httparty
    json (1.8.6)
    launchy (2.4.3)
      addressable (~> 2.3)
    loofah (2.1.1)
      crass (~> 1.0.2)
      nokogiri (>= 1.5.9)
    mail (2.7.0)
      mini_mime (>= 0.1.1)
    mime-types (3.1)
      mime-types-data (~> 3.2015)
    mime-types-data (3.2016.0521)
    mimemagic (0.3.0)
    mini_mime (1.0.0)
    mini_portile2 (2.3.0)
    minitest (5.11.1)
    multi_json (1.12.2)
    multi_xml (0.6.0)
    mysql2 (0.3.21)
    nokogiri (1.8.1)
      mini_portile2 (~> 2.3.0)
    paperclip (4.3.7)
      activemodel (>= 3.2.0)
      activesupport (>= 3.2.0)
      cocaine (~> 0.5.5)
      mime-types
      mimemagic (= 0.3.0)
    poltergeist (1.17.0)
      capybara (~> 2.1)
      cliver (~> 0.3.1)
      websocket-driver (>= 0.2.0)
    polyamorous (1.3.2)
      activerecord (>= 3.0)
    protected_attributes (1.1.4)
      activemodel (>= 4.0.1, < 5.0)
    public_suffix (3.0.1)
    puma (3.11.3)
    quiet_assets (1.1.0)
      railties (>= 3.1, < 5.0)
    rack (1.6.8)
    rack-test (0.6.3)
      rack (>= 1.0)
    rails (4.2.9)
      actionmailer (= 4.2.9)
      actionpack (= 4.2.9)
      actionview (= 4.2.9)
      activejob (= 4.2.9)
      activemodel (= 4.2.9)
      activerecord (= 4.2.9)
      activesupport (= 4.2.9)
      bundler (>= 1.3.0, < 2.0)
      railties (= 4.2.9)
      sprockets-rails
    rails-deprecated_sanitizer (1.0.3)
      activesupport (>= 4.2.0.alpha)
    rails-dom-testing (1.0.9)
      activesupport (>= 4.2.0, < 5.0)
      nokogiri (~> 1.6)
      rails-deprecated_sanitizer (>= 1.0.1)
    rails-html-sanitizer (1.0.3)
      loofah (~> 2.0)
    railties (4.2.9)
      actionpack (= 4.2.9)
      activesupport (= 4.2.9)
      rake (>= 0.8.7)
      thor (>= 0.18.1, < 2.0)
    rake (12.3.0)
    ransack (1.8.4)
      actionpack (>= 3.0)
      activerecord (>= 3.0)
      activesupport (>= 3.0)
      i18n
      polyamorous (~> 1.3)
    rb-fsevent (0.10.2)
    rb-inotify (0.9.10)
      ffi (>= 0.5.0, < 2)
    rdoc (4.3.0)
    responders (2.1.0)
      railties (>= 4.2.0, < 5)
    rspec-core (3.4.4)
      rspec-support (~> 3.4.0)
    rspec-expectations (3.4.0)
      diff-lcs (>= 1.2.0, < 2.0)
      rspec-support (~> 3.4.0)
    rspec-mocks (3.4.1)
      diff-lcs (>= 1.2.0, < 2.0)
      rspec-support (~> 3.4.0)
    rspec-rails (3.4.2)
      actionpack (>= 3.0, < 4.3)
      activesupport (>= 3.0, < 4.3)
      railties (>= 3.0, < 4.3)
      rspec-core (~> 3.4.0)
      rspec-expectations (~> 3.4.0)
      rspec-mocks (~> 3.4.0)
      rspec-support (~> 3.4.0)
    rspec-support (3.4.1)
    rubyzip (0.9.9)
    sass (3.5.4)
      sass-listen (~> 4.0.0)
    sass-listen (4.0.0)
      rb-fsevent (~> 0.9, >= 0.9.4)
      rb-inotify (~> 0.9, >= 0.9.7)
    sass-rails (5.0.7)
      railties (>= 4.0.0, < 6)
      sass (~> 3.1)
      sprockets (>= 2.8, < 4.0)
      sprockets-rails (>= 2.0, < 4.0)
      tilt (>= 1.1, < 3)
    sdoc (0.4.2)
      json (~> 1.7, >= 1.7.7)
      rdoc (~> 4.0)
    simple_calendar (2.2.7)
      rails (>= 3.0)
    spork (1.0.0rc4)
    sprockets (3.7.1)
      concurrent-ruby (~> 1.0)
      rack (> 1, < 3)
    sprockets-rails (3.2.1)
      actionpack (>= 4.0)
      activesupport (>= 4.0)
      sprockets (>= 3.0.0)
    sqlite3 (1.3.13)
    thin (1.7.2)
      daemons (~> 1.0, >= 1.0.9)
      eventmachine (~> 1.0, >= 1.0.4)
      rack (>= 1, < 3)
    thor (0.20.0)
    thread_safe (0.3.6)
    tilt (2.0.8)
    timecop (0.9.1)
    turbolinks (5.0.1)
      turbolinks-source (~> 5)
    turbolinks-source (5.0.3)
    tzinfo (1.2.4)
      thread_safe (~> 0.1)
    uglifier (4.1.2)
      execjs (>= 0.3.0, < 3)
    websocket-driver (0.7.0)
      websocket-extensions (>= 0.1.0)
    websocket-extensions (0.1.3)
    whenever (0.10.0)
      chronic (>= 0.6.3)
    xpath (3.0.0)
      nokogiri (~> 1.8)

PLATFORMS
  ruby

DEPENDENCIES
  awesome_print
  better_errors
  binding_of_caller
  capybara
  capybara-screenshot
  capybara-webkit
  coffee-rails (~> 4.1.0)
  faker (= 1.6.1)
  headless (= 2.2.2)
  hobo (= 2.2.6)
  hobo-metasearch!
  hobo-serenity!
  hobo_bootstrap (= 2.2.6)
  hobo_bootstrap_ui (= 2.2.6)
  hobo_clean_admin (= 2.2.6)
  hobo_jquery_ui (= 2.2.6)
  hobo_paperclip!
  hobo_will_paginate
  jbuilder (~> 2.0)
  jquery-rails
  jquery-ui-themes (~> 0.0.4)
  mysql2 (~> 0.3.10)
  paperclip (~> 4.3)
  poltergeist
  protected_attributes
  puma
  quiet_assets
  rails (= 4.2.9)
  responders (= 2.1.0)
  rspec-rails (= 3.4.2)
  sass-rails (~> 5.0)
  sdoc
  serenity-odt!
  simple_calendar (~> 2.0)
  spork (= 1.0.0rc4)
  sqlite3
  thin
  timecop
  turbolinks
  uglifier (>= 1.3.0)
  whenever

BUNDLED WITH
   1.16.1
